GIT
  remote: git://github.com/gertoe/jekyll-press.git
  revision: 108aa02a1f5ca5424b49df866a6bdc4125a8d295
  specs:
    jekyll-press (0.2.1)
      html_press (>= 0.8.2)
      jekyll
      multi_css (>= 0.1.0)
      multi_js (>= 0.1.0)

GEM
  remote: https://rubygems.org/
  specs:
    addressable (2.4.0)
    colorator (1.1.0)
    concurrent-ruby (1.0.4)
    css_press (0.3.2)
      csspool-st (= 3.1.2)
      json
    cssminify (1.0.2)
    csspool-st (3.1.2)
    execjs (2.7.0)
    extras (0.1.0)
      forwardable-extended (~> 2.5)
    fastimage (2.0.1)
      addressable (~> 2)
    ffi (1.9.17)
    forwardable-extended (2.6.0)
    html_press (0.8.2)
      htmlentities
      multi_css (>= 0.1.0)
      multi_js (>= 0.1.0)
    htmlentities (4.3.4)
    jekyll (3.2.1)
      colorator (~> 1.0)
      jekyll-sass-converter (~> 1.0)
      jekyll-watch (~> 1.1)
      kramdown (~> 1.3)
      liquid (~> 3.0)
      mercenary (~> 0.3.3)
      pathutil (~> 0.9)
      rouge (~> 1.7)
      safe_yaml (~> 1.0)
    jekyll-assets (2.2.8)
      extras (~> 0.1)
      fastimage (~> 2.0, >= 1.8)
      jekyll (~> 3.1, >= 3.0)
      pathutil (>= 0.8)
      rack (> 1, < 2)
      sprockets (~> 3.3, < 3.7)
    jekyll-last-modified-at (1.0.0)
      jekyll (~> 3.2.1)
      posix-spawn (~> 0.3.9)
    jekyll-paginate (1.1.0)
    jekyll-sass-converter (1.5.0)
      sass (~> 3.4)
    jekyll-sitemap (0.11.0)
      addressable (~> 2.4.0)
    jekyll-watch (1.5.0)
      listen (~> 3.0, < 3.1)
    json (2.0.3)
    kramdown (1.13.2)
    liquid (3.0.6)
    listen (3.0.8)
      rb-fsevent (~> 0.9, >= 0.9.4)
      rb-inotify (~> 0.9, >= 0.9.7)
    mercenary (0.3.6)
    multi_css (0.1.0)
      css_press
    multi_js (0.1.0)
      uglifier (~> 2)
    multi_json (1.12.1)
    pathutil (0.14.0)
      forwardable-extended (~> 2.6)
    posix-spawn (0.3.13)
    pygments.rb (1.1.1)
      multi_json (>= 1.0.0)
    rack (1.6.5)
    rb-fsevent (0.9.8)
    rb-inotify (0.9.8)
      ffi (>= 0.5.0)
    rouge (1.11.1)
    safe_yaml (1.0.4)
    sass (3.4.23)
    sprockets (3.6.3)
      concurrent-ruby (~> 1.0)
      rack (> 1, < 3)
    uglifier (2.7.2)
      execjs (>= 0.3.0)
      json (>= 1.8.0)

PLATFORMS
  ruby

DEPENDENCIES
  cssminify
  jekyll
  jekyll-assets
  jekyll-last-modified-at
  jekyll-paginate
  jekyll-press!
  jekyll-sitemap
  kramdown
  pygments.rb
  sass
  uglifier

BUNDLED WITH
   1.14.1
